GEM
  remote: https://rubygems.org/
  specs:
    bubble-wrap (1.3.0.osx)
    motion-stump (0.2.1)
    rake (10.0.4)
    sugarcube (0.20.21)
    sweettea (0.5.6)
      rake
      sugarcube
      teacup
    teacup (2.0.2)

PLATFORMS
  ruby

DEPENDENCIES
  bubble-wrap (= 1.3.0.osx)
  motion-stump (= 0.2.1)
  sugarcube (= 0.20.21)
  sweettea (= 0.5.6)
  teacup (= 2.0.2)
