GEM
  remote: https://rubygems.org/
  specs:
    bubble-wrap (1.1.5)
    motion-stump (0.2.1)
    sugarcube (0.20.16)
    teacup (1.3.3)

PLATFORMS
  ruby

DEPENDENCIES
  bubble-wrap (= 1.1.5)
  motion-stump (= 0.2.1)
  sugarcube (= 0.20.16)
  teacup (= 1.3.3)
