GEM
  remote: https://rubygems.org/
  specs:
    bubble-wrap (1.3.0)
    deep_merge (1.0.0)
    i18n (0.6.4)
    i18n_tools (0.1.5)
      deep_merge
      ya2yaml
    motion-i18n (0.0.2)
      i18n
      motion-require
    motion-redgreen (0.1.0)
    motion-require (0.0.7)
    motion-stump (0.3.0)
    rake (10.1.0)
    sugarcube (1.0.6)
    sweettea (0.5.6)
      rake
      sugarcube
      teacup
    teacup (2.1.9)
    ya2yaml (0.31)

PLATFORMS
  ruby

DEPENDENCIES
  bubble-wrap (= 1.3.0)
  i18n_tools (= 0.1.5)
  motion-i18n (= 0.0.2)
  motion-redgreen (= 0.1.0)
  motion-stump (= 0.3.0)
  sugarcube (= 1.0.6)
  sweettea (= 0.5.6)
  teacup (= 2.1.9)
