GEM
  remote: https://rubygems.org/
  specs:
    bubble-wrap (1.3.0)
    motion-redgreen (0.1.0)
    motion-stump (0.3.0)
    rake (10.1.0)
    sugarcube (0.20.25)
    sweettea (0.5.6)
      rake
      sugarcube
      teacup
    teacup (2.0.6)

PLATFORMS
  ruby

DEPENDENCIES
  bubble-wrap (= 1.3.0)
  motion-redgreen (= 0.1.0)
  motion-stump (= 0.3.0)
  sugarcube (= 0.20.25)
  sweettea (= 0.5.6)
  teacup (= 2.0.6)
