GEM
  remote: https://rubygems.org/
  specs:
    bubble-wrap (1.1.5)
    motion-stump (0.2.1)
    rake (10.0.4)
    sugarcube (0.20.19)
    sweettea (0.5.6)
      rake
      sugarcube
      teacup
    teacup (1.3.3)

PLATFORMS
  ruby

DEPENDENCIES
  bubble-wrap (= 1.1.5)
  motion-stump (= 0.2.1)
  sugarcube (= 0.20.19)
  sweettea (= 0.5.6)
  teacup (= 1.3.3)
