GEM
  remote: https://rubygems.org/
  specs:
    bubble-wrap (1.7.0)
      bubble-wrap-http (= 1.7.0)
    bubble-wrap-http (1.7.0)
    deep_merge (1.0.1)
    i18n (0.6.11)
    i18n_tools (0.1.6)
      deep_merge
      ya2yaml
    motion-i18n (0.0.2)
      i18n
      motion-require
    motion-redgreen (0.1.0)
    motion-require (0.2.0)
    motion-stump (0.3.2)
    rake (10.3.2)
    sugarcube (2.0.1)
    sweettea (0.6.0)
      rake
      sugarcube
      teacup
    teacup (3.0.0)
    ya2yaml (0.31)

PLATFORMS
  ruby

DEPENDENCIES
  bubble-wrap (= 1.7.0)
  i18n_tools (= 0.1.6)
  motion-i18n (= 0.0.2)
  motion-redgreen (= 0.1.0)
  motion-stump (= 0.3.2)
  sugarcube (= 2.0.1)
  sweettea (= 0.6.0)
  teacup (= 3.0.0)
